GEM
  remote: https://rubygems.org/
  specs:
    bigdecimal (3.2.2)
    json (2.7.6)
    mustermann (3.0.3)
      ruby2_keywords (~> 0.0.1)
    nio4r (2.7.4)
    pg (1.5.9)
    puma (6.6.0)
      nio4r (~> 2.0)
    rack (2.2.17)
    rack-protection (3.1.0)
      rack (~> 2.2, >= 2.2.4)
    ruby2_keywords (0.0.5)
    sequel (5.94.0)
      bigdecimal
    sinatra (3.1.0)
      mustermann (~> 3.0)
      rack (~> 2.2, >= 2.2.4)
      rack-protection (= 3.1.0)
      tilt (~> 2.0)
    tilt (2.6.1)

PLATFORMS
  universal-darwin-24

DEPENDENCIES
  json (~> 2.7.1)
  pg (~> 1.5)
  puma (~> 6.4)
  sequel (~> 5.94)
  sinatra (~> 3.1.0)

RUBY VERSION
   ruby 3.2.2p53

BUNDLED WITH
   2.3.25
