GEM
  remote: https://rubygems.org/
  specs:
    bigdecimal (3.2.2)
    ffi (1.17.2-arm64-darwin)
    ffi (1.17.2-x86_64-darwin)
    json (2.7.6)
    listen (3.9.0)
      rb-fsevent (~> 0.10, >= 0.10.3)
      rb-inotify (~> 0.9, >= 0.9.10)
    mustermann (2.0.2)
      ruby2_keywords (~> 0.0.1)
    nio4r (2.7.4)
    pg (1.5.9)
    puma (5.6.9)
      nio4r (~> 2.0)
    rack (2.2.17)
    rack-protection (2.2.4)
      rack
    rb-fsevent (0.11.2)
    rb-inotify (0.11.1)
      ffi (~> 1.0)
    rerun (0.14.0)
      listen (~> 3.0)
    ruby2_keywords (0.0.5)
    sequel (5.94.0)
      bigdecimal
    sinatra (2.2.4)
      mustermann (~> 2.0)
      rack (~> 2.2)
      rack-protection (= 2.2.4)
      tilt (~> 2.0)
    tilt (2.6.1)

PLATFORMS
  universal-darwin-24

DEPENDENCIES
  json (~> 2.7.6)
  pg (~> 1.5)
  puma (~> 5.6)
  rerun
  sequel (~> 5.94)
  sinatra (~> 2.2.4)

RUBY VERSION
   ruby 2.6.10p210

BUNDLED WITH
   2.3.25
